PATH
  remote: .
  specs:
    xoggl (1.0.0)
      awesome_print
      gli
      holidays
      togglv8

GEM
  remote: https://rubygems.org/
  specs:
    awesome_print (1.8.0)
    diff-lcs (1.3)
    faraday (0.13.1)
      multipart-post (>= 1.2, < 3)
    gli (2.16.1)
    holidays (6.1.0)
    logger (1.2.8)
    multipart-post (2.0.0)
    oj (3.3.5)
    rake (12.0.0)
    rspec (3.6.0)
      rspec-core (~> 3.6.0)
      rspec-expectations (~> 3.6.0)
      rspec-mocks (~> 3.6.0)
    rspec-core (3.6.0)
      rspec-support (~> 3.6.0)
    rspec-expectations (3.6.0)
      diff-lcs (>= 1.2.0, < 2.0)
      rspec-support (~> 3.6.0)
    rspec-mocks (3.6.0)
      diff-lcs (>= 1.2.0, < 2.0)
      rspec-support (~> 3.6.0)
    rspec-support (3.6.0)
    togglv8 (1.2.1)
      faraday
      logger
      oj

PLATFORMS
  ruby

DEPENDENCIES
  bundler
  rake
  rspec
  rspec-mocks
  xoggl!

BUNDLED WITH
   1.15.4
